GEM
  remote: https://rubygems.org/
  specs:
    kucodiff (0.2.1)
    maxitest (3.2.0)
      minitest (>= 5.0.0, < 5.12.0)
    minitest (5.11.3)

PLATFORMS
  ruby

DEPENDENCIES
  kucodiff
  maxitest

RUBY VERSION
   ruby 2.6.3p62

BUNDLED WITH
   1.17.2
