GEM
  remote: https://rubygems.org/
  specs:
    kucodiff (0.2.1)
    maxitest (2.4.1)
      minitest (>= 5.0.0, < 5.12.0)
    minitest (5.11.1)

PLATFORMS
  ruby

DEPENDENCIES
  kucodiff
  maxitest

RUBY VERSION
   ruby 2.4.2p198

BUNDLED WITH
   1.16.1
