GEM
  remote: https://rubygems.org/
  specs:
    kucodiff (0.6.1)
    maxitest (4.4.1)
      minitest (>= 5.0.0, < 5.18.0)
    minitest (5.17.0)

PLATFORMS
  ruby

DEPENDENCIES
  kucodiff
  maxitest

RUBY VERSION
   ruby 3.1.2p20

BUNDLED WITH
   2.3.26
